GEM
  remote: https://rubygems.org/
  specs:
    artii (2.1.2)
    coderay (1.1.2)
    colorize (0.8.1)
    method_source (0.9.2)
    mini_portile2 (2.4.0)
    nokogiri (1.10.8)
      mini_portile2 (~> 2.4.0)
    pry (0.12.2)
      coderay (~> 1.1.0)
      method_source (~> 0.9.0)

PLATFORMS
  ruby

DEPENDENCIES
  artii (~> 2.1, >= 2.1.2)
  bundler (~> 2.0, >= 2.0.1)
  colorize (~> 0.8, >= 0.8.1)
  nokogiri (~> 1.10)
  pry (~> 0.12, >= 0.12.2)

BUNDLED WITH
   2.0.1
